PATH
  remote: .
  specs:
    administrate_batch_actions (0.1.0)
      administrate
      rails (>= 5.2)

GEM
  remote: https://rubygems.org/
  specs:
    actioncable (6.1.4.7)
      actionpack (= 6.1.4.7)
      activesupport (= 6.1.4.7)
      nio4r (~> 2.0)
      websocket-driver (>= 0.6.1)
    actionmailbox (6.1.4.7)
      actionpack (= 6.1.4.7)
      activejob (= 6.1.4.7)
      activerecord (= 6.1.4.7)
      activestorage (= 6.1.4.7)
      activesupport (= 6.1.4.7)
      mail (>= 2.7.1)
    actionmailer (6.1.4.7)
      actionpack (= 6.1.4.7)
      actionview (= 6.1.4.7)
      activejob (= 6.1.4.7)
      activesupport (= 6.1.4.7)
      mail (~> 2.5, >= 2.5.4)
      rails-dom-testing (~> 2.0)
    actionpack (6.1.4.7)
      actionview (= 6.1.4.7)
      activesupport (= 6.1.4.7)
      rack (~> 2.0, >= 2.0.9)
      rack-test (>= 0.6.3)
      rails-dom-testing (~> 2.0)
      rails-html-sanitizer (~> 1.0, >= 1.2.0)
    actiontext (6.1.4.7)
      actionpack (= 6.1.4.7)
      activerecord (= 6.1.4.7)
      activestorage (= 6.1.4.7)
      activesupport (= 6.1.4.7)
      nokogiri (>= 1.8.5)
    actionview (6.1.4.7)
      activesupport (= 6.1.4.7)
      builder (~> 3.1)
      erubi (~> 1.4)
      rails-dom-testing (~> 2.0)
      rails-html-sanitizer (~> 1.1, >= 1.2.0)
    activejob (6.1.4.7)
      activesupport (= 6.1.4.7)
      globalid (>= 0.3.6)
    activemodel (6.1.4.7)
      activesupport (= 6.1.4.7)
    activerecord (6.1.4.7)
      activemodel (= 6.1.4.7)
      activesupport (= 6.1.4.7)
    activestorage (6.1.4.7)
      actionpack (= 6.1.4.7)
      activejob (= 6.1.4.7)
      activerecord (= 6.1.4.7)
      activesupport (= 6.1.4.7)
      marcel (~> 1.0.0)
      mini_mime (>= 1.1.0)
    activesupport (6.1.4.7)
      concurrent-ruby (~> 1.0, >= 1.0.2)
      i18n (>= 1.6, < 2)
      minitest (>= 5.1)
      tzinfo (~> 2.0)
      zeitwerk (~> 2.3)
    administrate (0.17.0)
      actionpack (>= 5.0)
      actionview (>= 5.0)
      activerecord (>= 5.0)
      datetime_picker_rails (~> 0.0.7)
      jquery-rails (>= 4.0)
      kaminari (>= 1.0)
      momentjs-rails (~> 2.8)
      sassc-rails (~> 2.1)
      selectize-rails (~> 0.6)
    builder (3.2.4)
    coderay (1.1.3)
    concurrent-ruby (1.1.10)
    crass (1.0.6)
    datetime_picker_rails (0.0.7)
      momentjs-rails (>= 2.8.1)
    diff-lcs (1.3)
    erubi (1.10.0)
    ffi (1.15.5)
    globalid (1.0.0)
      activesupport (>= 5.0)
    i18n (1.10.0)
      concurrent-ruby (~> 1.0)
    jquery-rails (4.4.0)
      rails-dom-testing (>= 1, < 3)
      railties (>= 4.2.0)
      thor (>= 0.14, < 2.0)
    kaminari (1.2.2)
      activesupport (>= 4.1.0)
      kaminari-actionview (= 1.2.2)
      kaminari-activerecord (= 1.2.2)
      kaminari-core (= 1.2.2)
    kaminari-actionview (1.2.2)
      actionview
      kaminari-core (= 1.2.2)
    kaminari-activerecord (1.2.2)
      activerecord
      kaminari-core (= 1.2.2)
    kaminari-core (1.2.2)
    loofah (2.16.0)
      crass (~> 1.0.2)
      nokogiri (>= 1.5.9)
    mail (2.7.1)
      mini_mime (>= 0.1.1)
    marcel (1.0.2)
    method_source (1.0.0)
    mini_mime (1.1.2)
    mini_portile2 (2.8.0)
    minitest (5.15.0)
    momentjs-rails (2.29.1.1)
      railties (>= 3.1)
    nio4r (2.5.8)
    nokogiri (1.13.4)
      mini_portile2 (~> 2.8.0)
      racc (~> 1.4)
    pry (0.14.1)
      coderay (~> 1.1)
      method_source (~> 1.0)
    racc (1.6.0)
    rack (2.2.3)
    rack-test (1.1.0)
      rack (>= 1.0, < 3)
    rails (6.1.4.7)
      actioncable (= 6.1.4.7)
      actionmailbox (= 6.1.4.7)
      actionmailer (= 6.1.4.7)
      actionpack (= 6.1.4.7)
      actiontext (= 6.1.4.7)
      actionview (= 6.1.4.7)
      activejob (= 6.1.4.7)
      activemodel (= 6.1.4.7)
      activerecord (= 6.1.4.7)
      activestorage (= 6.1.4.7)
      activesupport (= 6.1.4.7)
      bundler (>= 1.15.0)
      railties (= 6.1.4.7)
      sprockets-rails (>= 2.0.0)
    rails-dom-testing (2.0.3)
      activesupport (>= 4.2.0)
      nokogiri (>= 1.6)
    rails-html-sanitizer (1.4.2)
      loofah (~> 2.3)
    railties (6.1.4.7)
      actionpack (= 6.1.4.7)
      activesupport (= 6.1.4.7)
      method_source
      rake (>= 0.13)
      thor (~> 1.0)
    rake (10.5.0)
    rspec (3.8.0)
      rspec-core (~> 3.8.0)
      rspec-expectations (~> 3.8.0)
      rspec-mocks (~> 3.8.0)
    rspec-core (3.8.0)
      rspec-support (~> 3.8.0)
    rspec-expectations (3.8.1)
      diff-lcs (>= 1.2.0, < 2.0)
      rspec-support (~> 3.8.0)
    rspec-mocks (3.8.0)
      diff-lcs (>= 1.2.0, < 2.0)
      rspec-support (~> 3.8.0)
    rspec-rails (3.8.3)
      actionpack (>= 3.0)
      activesupport (>= 3.0)
      railties (>= 3.0)
      rspec-core (~> 3.8.0)
      rspec-expectations (~> 3.8.0)
      rspec-mocks (~> 3.8.0)
      rspec-support (~> 3.8.0)
    rspec-support (3.8.0)
    sassc (2.4.0)
      ffi (~> 1.9)
    sassc-rails (2.1.2)
      railties (>= 4.0.0)
      sassc (>= 2.0)
      sprockets (> 3.0)
      sprockets-rails
      tilt
    selectize-rails (0.12.6)
    sprockets (4.0.3)
      concurrent-ruby (~> 1.0)
      rack (> 1, < 3)
    sprockets-rails (3.4.2)
      actionpack (>= 5.2)
      activesupport (>= 5.2)
      sprockets (>= 3.0.0)
    thor (1.2.1)
    tilt (2.0.10)
    tzinfo (2.0.4)
      concurrent-ruby (~> 1.0)
    websocket-driver (0.7.5)
      websocket-extensions (>= 0.1.0)
    websocket-extensions (0.1.5)
    zeitwerk (2.5.4)

PLATFORMS
  ruby

DEPENDENCIES
  administrate_batch_actions!
  bundler (~> 1.16)
  pry
  rake (~> 10.0)
  rspec (~> 3.0)
  rspec-rails (~> 3.0)
  tzinfo-data

BUNDLED WITH
   1.16.3
